PATH
  remote: .
  specs:
    rb_snowflake_client (0.3.0)
      concurrent-ruby (>= 1.2)
      connection_pool (>= 2.4)
      dotenv (>= 2.8)
      jwt (>= 2.7)
      oj (>= 3.16)
      retryable (>= 3.0)

GEM
  remote: https://rubygems.org/
  specs:
    coderay (1.1.3)
    concurrent-ruby (1.2.2)
    connection_pool (2.4.1)
    diff-lcs (1.5.0)
    dotenv (2.8.1)
    jwt (2.7.1)
    method_source (1.0.0)
    oj (3.16.1)
    parallel (1.23.0)
    pry (0.14.2)
      coderay (~> 1.1)
      method_source (~> 1.0)
    rake (13.1.0)
    retryable (3.0.5)
    rspec (3.12.0)
      rspec-core (~> 3.12.0)
      rspec-expectations (~> 3.12.0)
      rspec-mocks (~> 3.12.0)
    rspec-core (3.12.2)
      rspec-support (~> 3.12.0)
    rspec-expectations (3.12.3)
      diff-lcs (>= 1.2.0, < 2.0)
      rspec-support (~> 3.12.0)
    rspec-mocks (3.12.6)
      diff-lcs (>= 1.2.0, < 2.0)
      rspec-support (~> 3.12.0)
    rspec-support (3.12.1)

PLATFORMS
  arm64-darwin-21
  arm64-darwin-22

DEPENDENCIES
  bundler
  concurrent-ruby
  connection_pool
  dotenv
  jwt
  oj
  parallel
  pry
  rake
  rb_snowflake_client!
  retryable
  rspec

BUNDLED WITH
   2.4.19
