PATH
  remote: .
  specs:
    rb_snowflake_client (1.1.3)
      concurrent-ruby (>= 1.2)
      connection_pool (>= 2.4)
      dotenv (>= 2.8)
      jwt (>= 2.7)
      oj (>= 3.16)
      retryable (>= 3.0)

GEM
  remote: https://rubygems.org/
  specs:
    base64 (0.2.0)
    bigdecimal (3.1.8)
    coderay (1.1.3)
    concurrent-ruby (1.3.3)
    connection_pool (2.4.1)
    diff-lcs (1.5.1)
    dotenv (3.1.2)
    jwt (2.9.1)
      base64
    method_source (1.1.0)
    oj (3.16.4)
      bigdecimal (>= 3.0)
    parallel (1.25.1)
    pry (0.14.2)
      coderay (~> 1.1)
      method_source (~> 1.0)
    rake (13.2.1)
    retryable (3.0.5)
    rspec (3.13.0)
      rspec-core (~> 3.13.0)
      rspec-expectations (~> 3.13.0)
      rspec-mocks (~> 3.13.0)
    rspec-core (3.13.0)
      rspec-support (~> 3.13.0)
    rspec-expectations (3.13.1)
      diff-lcs (>= 1.2.0, < 2.0)
      rspec-support (~> 3.13.0)
    rspec-mocks (3.13.1)
      diff-lcs (>= 1.2.0, < 2.0)
      rspec-support (~> 3.13.0)
    rspec-support (3.13.1)

PLATFORMS
  arm64-darwin-22
  ruby

DEPENDENCIES
  bundler
  parallel
  pry
  rake
  rb_snowflake_client!
  rspec

BUNDLED WITH
   2.5.10
