PATH
  remote: .
  specs:
    rb_snowflake_client (1.4.0)
      bigdecimal (>= 3.0)
      concurrent-ruby (>= 1.2)
      connection_pool (>= 2.4)
      dotenv (>= 2.8)
      json (>= 2.1.0)
      jwt (>= 2.7)
      retryable (>= 3.0)

GEM
  remote: https://rubygems.org/
  specs:
    base64 (0.2.0)
    bigdecimal (3.1.9)
    coderay (1.1.3)
    concurrent-ruby (1.3.5)
    connection_pool (2.5.3)
    diff-lcs (1.6.1)
    dotenv (3.1.8)
    json (2.11.3)
    jwt (2.10.1)
      base64
    method_source (1.1.0)
    parallel (1.27.0)
    pry (0.15.2)
      coderay (~> 1.1)
      method_source (~> 1.0)
    rake (13.2.1)
    retryable (3.0.5)
    rspec (3.13.0)
      rspec-core (~> 3.13.0)
      rspec-expectations (~> 3.13.0)
      rspec-mocks (~> 3.13.0)
    rspec-core (3.13.3)
      rspec-support (~> 3.13.0)
    rspec-expectations (3.13.3)
      diff-lcs (>= 1.2.0, < 2.0)
      rspec-support (~> 3.13.0)
    rspec-mocks (3.13.2)
      diff-lcs (>= 1.2.0, < 2.0)
      rspec-support (~> 3.13.0)
    rspec-support (3.13.3)

PLATFORMS
  arm64-darwin-22
  ruby

DEPENDENCIES
  bundler
  parallel
  pry
  rake
  rb_snowflake_client!
  rspec

BUNDLED WITH
   2.5.10
